GEM
  remote: https://rubygems.org/
  specs:
    daemons (1.2.4)
    eventmachine (1.2.5)
    faraday (0.9.2)
      multipart-post (>= 1.2, < 3)
    json (1.8.6)
    multipart-post (2.0.0)
    rack (1.6.8)
    thin (1.7.2)
      daemons (~> 1.0, >= 1.0.9)
      eventmachine (~> 1.0, >= 1.0.4)
      rack (>= 1, < 3)

PLATFORMS
  ruby

DEPENDENCIES
  faraday (~> 0.9.0)
  json (~> 1.8)
  rack (~> 1.6)
  thin (~> 1.7)

RUBY VERSION
   ruby 2.3.5p376

BUNDLED WITH
   1.16.0.pre.2
